GIT
  remote: git://github.com/opal/opal.git
  revision: 7e843b026a359e8392f1f3914877b19ed9ca712d
  ref: 7e843b0
  specs:
    opal (0.7.0.dev)
      source_map
      sprockets

GIT
  remote: git://github.com/yeahrb/yeah.git
  revision: 170121df4087a5a255b99432a54ac78d6cfb8207
  ref: 170121
  specs:
    yeah (0.3.5)

GEM
  remote: http://rubygems.org/
  specs:
    hike (1.2.3)
    json (1.8.1)
    multi_json (1.10.1)
    rack (1.5.2)
    source_map (3.0.1)
      json
    sprockets (2.12.2)
      hike (~> 1.2)
      multi_json (~> 1.0)
      rack (~> 1.0)
      tilt (~> 1.1, != 1.3.0)
    tilt (1.4.1)

PLATFORMS
  ruby

DEPENDENCIES
  opal!
  yeah!
